GEM
  remote: https://rubygems.org/
  specs:
    hobbit (0.6.0)
      rack
    hobbit-contrib (0.7.1)
      hobbit
    mini_portile2 (2.1.0)
    nokogiri (1.6.8.1)
      mini_portile2 (~> 2.1.0)
    puma (2.8.2)
      rack (>= 1.1, < 2.0)
    rack (1.6.0)
    rack-protection (1.5.3)
      rack
    tilt (1.3.7)

PLATFORMS
  ruby

DEPENDENCIES
  hobbit
  hobbit-contrib
  nokogiri
  puma
  rack-protection
  tilt
