GEM
  remote: https://rubygems.org/
  specs:
    hobbit (0.6.0)
      rack
    hobbit-contrib (0.7.1)
      hobbit
    mini_portile (0.6.2)
    nokogiri (1.6.6.2)
      mini_portile (~> 0.6.0)
    rack (1.6.0)
    rack-protection (1.5.3)
      rack
    tilt (1.3.7)

PLATFORMS
  ruby

DEPENDENCIES
  hobbit
  hobbit-contrib
  nokogiri
  rack-protection
  tilt
